GEM
  remote: https://rubygems.org/
  specs:
    rack (1.4.4)
    rack-protection (1.3.2)
      rack
    rmagick (2.13.1)
    sass (3.2.5)
    sinatra (1.3.3)
      rack (~> 1.3, >= 1.3.6)
      rack-protection (~> 1.2)
      tilt (~> 1.3, >= 1.3.3)
    tilt (1.3.3)

PLATFORMS
  ruby

DEPENDENCIES
  rmagick
  sass
  sinatra
